GEM
  remote: https://rubygems.org/
  specs:
    sass (3.3.4)
    sass-globbing (1.1.0)
      sass (>= 3.1)

PLATFORMS
  ruby

DEPENDENCIES
  sass (~> 3.3.4)
  sass-globbing
